GEM
  remote: https://rubygems.org/
  specs:
    colorize (0.8.1)
    mini_portile2 (2.4.0)
    nokogiri (1.10.10)
      mini_portile2 (~> 2.4.0)
    open-uri (0.1.0)

PLATFORMS
  ruby

DEPENDENCIES
  colorize (~> 0.8.1)
  nokogiri
  open-uri

BUNDLED WITH
   2.1.4
